GEM
  remote: http://rubygems.org/
  specs:
    hike (1.2.2)
    multi_json (1.7.2)
    rack (1.5.2)
    rake (0.9.2)
    sprockets (2.9.2)
      hike (~> 1.2)
      multi_json (~> 1.0)
      rack (~> 1.0)
      tilt (~> 1.1, != 1.3.0)
    tilt (1.3.7)

PLATFORMS
  ruby

DEPENDENCIES
  rake
  sprockets (~> 2.9)
