GEM
  remote: http://rubygems.org/
  specs:
    rake (0.9.2)
    sprockets (1.0.2)

PLATFORMS
  ruby

DEPENDENCIES
  rake
  sprockets (~> 1.0.2)
